GEM
  remote: https://rubygems.org/
  specs:
    elasticsearch (7.10.0)
      elasticsearch-api (= 7.10.0)
      elasticsearch-transport (= 7.10.0)
    elasticsearch-api (7.10.0)
      multi_json
    elasticsearch-transport (7.10.0)
      faraday (~> 1)
      multi_json
    faraday (1.1.0)
      multipart-post (>= 1.2, < 3)
      ruby2_keywords
    multi_json (1.15.0)
    multipart-post (2.1.1)
    ruby2_keywords (0.0.2)

PLATFORMS
  ruby

DEPENDENCIES
  elasticsearch

BUNDLED WITH
   2.1.4
